PATH
  remote: .
  specs:
    mugshot (1.0.0.rc1)
      activesupport (>= 2.3.5)
      blankslate (>= 2.1.2.3)
      fog (>= 0.7.2)
      i18n (>= 0.5.0)
      rmagick (>= 2.12.2)
      sinatra (>= 0.9.4)
      uuid (>= 2.0.2)

GEM
  remote: http://rubygems.org/
  specs:
    activesupport (3.0.9)
    blankslate (2.1.2.4)
    builder (3.0.0)
    cucumber (0.10.2)
      builder (>= 2.1.2)
      diff-lcs (>= 1.1.2)
      gherkin (>= 2.3.5)
      json (>= 1.4.6)
      term-ansicolor (>= 1.0.5)
    diff-lcs (1.1.2)
    excon (0.6.5)
    fakeweb (1.3.0)
    fog (0.10.0)
      builder
      excon (~> 0.6.5)
      formatador (~> 0.2.0)
      mime-types
      multi_json (~> 1.0.3)
      net-scp (~> 1.0.4)
      net-ssh (~> 2.1.4)
      nokogiri (~> 1.5.0)
      ruby-hmac
    formatador (0.2.0)
    gherkin (2.3.6)
      json (>= 1.4.6)
    i18n (0.6.0)
    json (1.5.1)
    macaddr (1.0.0)
    mime-types (1.16)
    multi_json (1.0.3)
    net-scp (1.0.4)
      net-ssh (>= 1.99.1)
    net-ssh (2.1.4)
    nokogiri (1.5.0)
    rack (1.2.2)
    rack-test (0.5.7)
      rack (>= 1.0)
    rmagick (2.13.1)
    rspec (2.5.0)
      rspec-core (~> 2.5.0)
      rspec-expectations (~> 2.5.0)
      rspec-mocks (~> 2.5.0)
    rspec-core (2.5.1)
    rspec-expectations (2.5.0)
      diff-lcs (~> 1.1.2)
    rspec-mocks (2.5.0)
    ruby-hmac (0.4.0)
    sinatra (1.2.6)
      rack (~> 1.1)
      tilt (>= 1.2.2, < 2.0)
    term-ansicolor (1.0.5)
    tilt (1.3.2)
    uuid (2.3.3)
      macaddr (~> 1.0)

PLATFORMS
  ruby

DEPENDENCIES
  cucumber (>= 0.6.2)
  fakeweb
  mugshot!
  rack-test (>= 0.5.1)
  rspec (>= 2.3.0)
