PATH
  remote: .
  specs:
    mugshot (0.5.0)
      activesupport (~> 2.3.5)
      blankslate (>= 2.1.2.3)
      rmagick (>= 2.12.2)
      sinatra (>= 0.9.4)
      uuid (>= 2.0.2)

GEM
  remote: http://rubygems.org/
  specs:
    activesupport (2.3.10)
    blankslate (2.1.2.3)
    builder (3.0.0)
    cucumber (0.10.0)
      builder (>= 2.1.2)
      diff-lcs (~> 1.1.2)
      gherkin (~> 2.3.2)
      json (~> 1.4.6)
      term-ansicolor (~> 1.0.5)
    diff-lcs (1.1.2)
    fakeweb (1.3.0)
    gherkin (2.3.3)
      json (~> 1.4.6)
    json (1.4.6)
    macaddr (1.0.0)
    rack (1.2.1)
    rack-test (0.5.6)
      rack (>= 1.0)
    rcov (0.9.9)
    rmagick (2.13.1)
    rspec (2.3.0)
      rspec-core (~> 2.3.0)
      rspec-expectations (~> 2.3.0)
      rspec-mocks (~> 2.3.0)
    rspec-core (2.3.1)
    rspec-expectations (2.3.0)
      diff-lcs (~> 1.1.2)
    rspec-mocks (2.3.0)
    sinatra (1.1.2)
      rack (~> 1.1)
      tilt (~> 1.2)
    term-ansicolor (1.0.5)
    tilt (1.2.1)
    uuid (2.3.1)
      macaddr (~> 1.0)

PLATFORMS
  ruby

DEPENDENCIES
  activesupport (~> 2.3.5)
  blankslate (>= 2.1.2.3)
  cucumber (>= 0.6.2)
  fakeweb
  mugshot!
  rack-test (>= 0.5.1)
  rcov (>= 0.9.8)
  rmagick (>= 2.12.2)
  rspec (>= 2.3.0)
  sinatra (>= 0.9.4)
  uuid (>= 2.0.2)
